GEM
  remote: https://rubygems.org/
  specs:
    backports (3.10.3)
    coffee-script (2.4.1)
      coffee-script-source
      execjs
    coffee-script-source (1.12.2)
    execjs (2.7.0)
    ffi (1.9.18)
    haml (5.0.4)
      temple (>= 0.8.0)
      tilt
    multi_json (1.12.2)
    mustermann (1.0.1)
    puma (3.10.0)
    rack (2.0.3)
    rack-coffee (1.0.3)
      coffee-script
      rack
    rack-protection (2.0.0)
      rack
    rb-fsevent (0.10.2)
    rb-inotify (0.9.10)
      ffi (>= 0.5.0, < 2)
    sass (3.5.3)
      sass-listen (~> 4.0.0)
    sass-listen (4.0.0)
      rb-fsevent (~> 0.9, >= 0.9.4)
      rb-inotify (~> 0.9, >= 0.9.7)
    sinatra (2.0.0)
      mustermann (~> 1.0)
      rack (~> 2.0)
      rack-protection (= 2.0.0)
      tilt (~> 2.0)
    sinatra-contrib (2.0.0)
      backports (>= 2.0)
      multi_json
      mustermann (~> 1.0)
      rack-protection (= 2.0.0)
      sinatra (= 2.0.0)
      tilt (>= 1.3, < 3)
    sinatra-reloader (1.0)
      sinatra-contrib
    temple (0.8.0)
    tilt (2.0.8)

PLATFORMS
  ruby

DEPENDENCIES
  haml
  puma
  rack-coffee
  sass
  sinatra
  sinatra-reloader

RUBY VERSION
   ruby 2.3.1p112

BUNDLED WITH
   1.16.0.pre.3
